GEM
  remote: https://rubygems.org/
  specs:
    kgio (2.7.4)
    rack (1.4.1)
    rack-protection (1.2.0)
      rack
    rainbows (4.3.1)
      kgio (~> 2.5)
      rack (~> 1.1)
      unicorn (~> 4.1)
    raindrops (0.9.0)
    sinatra (1.3.2)
      rack (~> 1.3, >= 1.3.6)
      rack-protection (~> 1.2)
      tilt (~> 1.3, >= 1.3.3)
    tilt (1.3.3)
    unicorn (4.3.1)
      kgio (~> 2.6)
      rack
      raindrops (~> 0.7)

PLATFORMS
  ruby

DEPENDENCIES
  rainbows (~> 4.3.1)
  sinatra (~> 1.3.2)
